GEM
  remote: https://rubygems.org/
  specs:
    aasm (5.0.8)
      concurrent-ruby (~> 1.0)
    concurrent-ruby (1.1.6)

PLATFORMS
  ruby
  x64-mingw32

DEPENDENCIES
  aasm (~> 5.0.1)

BUNDLED WITH
   2.1.4
