GEM
  remote: https://rubygems.org/
  specs:
    aasm (5.0.1)
      concurrent-ruby (~> 1.0)
    coderay (1.1.2)
    concurrent-ruby (1.1.3)
    gosu (0.14.4)
    gosu (0.14.4-x64-mingw32)
    gosu (0.14.4-x86-mingw32)
    method_source (0.9.2)
    pry (0.12.2)
      coderay (~> 1.1.0)
      method_source (~> 0.9.0)

PLATFORMS
  ruby
  x64-mingw32
  x86-mingw32

DEPENDENCIES
  aasm
  gosu
  pry

BUNDLED WITH
   1.17.1
