GEM
  remote: https://rubygems.org/
  specs:
    coderay (1.1.2)
    gosu (0.14.4)
    gosu (0.14.4-x64-mingw32)
    gosu (0.14.4-x86-mingw32)
    method_source (0.9.2)
    pry (0.12.2)
      coderay (~> 1.1.0)
      method_source (~> 0.9.0)

PLATFORMS
  ruby
  x64-mingw32
  x86-mingw32

DEPENDENCIES
  gosu
  pry

BUNDLED WITH
   1.17.3
