GEM
  remote: https://rubygems.org/
  specs:
    aasm (4.11.1)
    coderay (1.1.1)
    gosu (0.10.8-x86-mingw32)
    method_source (0.8.2)
    pry (0.10.4)
      coderay (~> 1.1.0)
      method_source (~> 0.8.1)
      slop (~> 3.4)
    slop (3.6.0)

PLATFORMS
  x86-mingw32

DEPENDENCIES
  aasm
  gosu
  pry

BUNDLED WITH
   1.13.6
